GEM
  remote: https://rubygems.org/
  specs:
    diff-lcs (1.3)
    rack (1.6.11)
    rack-protection (1.5.5)
      rack
    rspec (2.14.1)
      rspec-core (~> 2.14.0)
      rspec-expectations (~> 2.14.0)
      rspec-mocks (~> 2.14.0)
    rspec-core (2.14.8)
    rspec-expectations (2.14.5)
      diff-lcs (>= 1.1.3, < 2.0)
    rspec-mocks (2.14.6)
    sinatra (1.4.8)
      rack (~> 1.5)
      rack-protection (~> 1.4)
      tilt (>= 1.3, < 3)
    tilt (2.0.9)

PLATFORMS
  ruby

DEPENDENCIES
  rspec (~> 2.14.1)
  sinatra (~> 1.4.5)

BUNDLED WITH
   1.16.1
